GIT
  remote: https://github.com/getsentry/raven-ruby.git
  revision: d8919be6226edb444fa60c3e8b0847ba36ad0dc1
  specs:
    sentry-raven (0.4.8)
      faraday (>= 0.7.6)
      hashie (>= 1.1.0)
      multi_json (~> 1.0)
      uuidtools

GEM
  remote: http://rubygems.org/
  specs:
    addressable (2.2.8)
    backports (3.3.0)
    data_objects (0.10.12)
      addressable (~> 2.1)
    dm-core (1.2.0)
      addressable (~> 2.2.6)
    dm-do-adapter (1.2.0)
      data_objects (~> 0.10.6)
      dm-core (~> 1.2.0)
    dm-migrations (1.2.0)
      dm-core (~> 1.2.0)
    dm-postgres-adapter (1.2.0)
      dm-do-adapter (~> 1.2.0)
      do_postgres (~> 0.10.6)
    dm-sqlite-adapter (1.2.0)
      dm-do-adapter (~> 1.2.0)
      do_sqlite3 (~> 0.10.6)
    do_postgres (0.10.12)
      data_objects (= 0.10.12)
    do_sqlite3 (0.10.12)
      data_objects (= 0.10.12)
    eventmachine (1.0.3)
    faraday (0.8.7)
      multipart-post (~> 1.1)
    faraday_middleware (0.9.0)
      faraday (>= 0.7.4, < 0.9)
    haml (4.0.2)
      tilt
    hashie (2.0.3)
    json (1.7.7)
    multi_json (1.7.2)
    multipart-post (1.2.0)
    oauth (0.4.7)
    omniauth (1.1.4)
      hashie (>= 1.2, < 3)
      rack
    omniauth-oauth (1.0.1)
      oauth
      omniauth (~> 1.0)
    omniauth-tumblr (1.1)
      omniauth-oauth (~> 1.0)
    open-uri-cached (0.0.5)
    rack (1.5.2)
    rack-protection (1.5.0)
      rack
    rack-test (0.6.2)
      rack (>= 1.0)
    sass (3.2.7)
    sinatra (1.4.2)
      rack (~> 1.5, >= 1.5.2)
      rack-protection (~> 1.4)
      tilt (~> 1.3, >= 1.3.4)
    sinatra-contrib (1.4.0)
      backports (>= 2.0)
      eventmachine
      rack-protection
      rack-test
      sinatra (~> 1.4.2)
      tilt (~> 1.3)
    tilt (1.3.7)
    tumblr_client (0.7.1)
      faraday (>= 0.8)
      faraday_middleware (>= 0.8)
      json
      oauth
    uuidtools (2.1.4)

PLATFORMS
  ruby

DEPENDENCIES
  dm-core
  dm-migrations
  dm-postgres-adapter
  dm-sqlite-adapter
  haml
  multi_json
  omniauth
  omniauth-tumblr
  open-uri-cached
  sass
  sentry-raven!
  sinatra
  sinatra-contrib
  tumblr_client
